GEM
  remote: https://rubygems.org/
  specs:
    addressable (2.8.1)
      public_suffix (>= 2.0.2, < 6.0)
    dotenv (2.1.1)
    faraday (0.9.2)
      multipart-post (>= 1.2, < 3)
    jwt (1.5.6)
    koala (2.4.0)
      addressable
      faraday
      multi_json (>= 1.3.0)
    multi_json (1.12.1)
    multi_xml (0.5.5)
    multipart-post (2.0.0)
    oauth2 (1.2.0)
      faraday (>= 0.8, < 0.10)
      jwt (~> 1.0)
      multi_json (~> 1.3)
      multi_xml (~> 0.5)
      rack (>= 1.2, < 3)
    public_suffix (5.0.0)
    rack (2.0.1)
    rmagick (2.16.0)

PLATFORMS
  ruby

DEPENDENCIES
  dotenv
  koala
  oauth2
  rmagick

BUNDLED WITH
   1.12.5
